GIT
  remote: https://github.com/chef/chef_secrets
  revision: 58373899212a23e4f37070aaa6d3a751b1281492
  specs:
    veil (0.3.0)
      bcrypt (~> 3.1)
      pbkdf2

GEM
  remote: http://rubygems.org/
  specs:
    bcrypt (3.1.13)
    pbkdf2 (0.1.0)
    pg (0.16.0)
    sequel (3.34.1)

PLATFORMS
  ruby

DEPENDENCIES
  pg (~> 0.16.0)
  sequel (~> 3.34.1)
  veil!

BUNDLED WITH
   1.17.3
